GIT
  remote: git://github.com/croaky/sinatra-mongoid.git
  revision: d9553c9313044c2a86d9b2aa31821ca3217e6bab
  specs:
    sinatra-mongoid (0.0.2)
      mongo_ext
      mongoid
      sinatra

GEM
  remote: http://rubygems.org/
  specs:
    activemodel (3.0.3)
      activesupport (= 3.0.3)
      builder (~> 2.1.2)
      i18n (~> 0.4)
    activesupport (3.0.3)
    bson (1.1.5)
    bson_ext (1.1.5)
    builder (2.1.2)
    configuration (1.2.0)
    daemons (1.1.0)
    dalli (1.0.1)
    delayed_job (2.1.4)
      activesupport (~> 3.0)
      daemons
    delayed_job_mongoid (1.0.2)
      delayed_job (~> 2.1.1)
      mongoid (~> 2.0.0.rc)
    heroku (1.17.17)
      json (~> 1.4.6)
      launchy (~> 0.3.2)
      rest-client (>= 1.4.0, < 1.7.0)
    i18n (0.5.0)
    json (1.4.6)
    launchy (0.3.7)
      configuration (>= 0.0.5)
      rake (>= 0.8.1)
    mechanize (1.0.0)
      nokogiri (>= 1.2.1)
    mime-types (1.16)
    mongo (1.1.5)
      bson (>= 1.1.5)
    mongo_ext (0.19.3)
    mongoid (2.0.0.beta.20)
      activemodel (~> 3.0)
      mongo (~> 1.1)
      tzinfo (~> 0.3.22)
      will_paginate (~> 3.0.pre)
    nokogiri (1.4.4)
    oauth (0.4.4)
    rack (1.2.1)
    rake (0.8.7)
    rest-client (1.6.1)
      mime-types (>= 1.16)
    sinatra (1.1.2)
      rack (~> 1.1)
      tilt (~> 1.2)
    tilt (1.2.1)
    twitter_oauth (0.4.3)
      json (>= 1.1.9)
      mime-types (>= 1.16)
      oauth (>= 0.4.1)
    tzinfo (0.3.23)
    will_paginate (3.0.pre2)

PLATFORMS
  ruby

DEPENDENCIES
  bson_ext
  dalli
  delayed_job
  delayed_job_mongoid
  heroku
  json
  mechanize
  mongoid (= 2.0.0.beta.20)
  rack
  rake
  sinatra
  sinatra-mongoid!
  twitter_oauth
